GEM
  remote: https://rubygems.org/
  specs:
    rack (1.6.1)
    rack-protection (1.5.3)
      rack
    sass (3.4.23)
    sinatra (1.4.6)
      rack (~> 1.4)
      rack-protection (~> 1.4)
      tilt (>= 1.3, < 3)
    tilt (2.0.1)

PLATFORMS
  ruby

DEPENDENCIES
  sass
  sinatra

RUBY VERSION
   ruby 2.3.3p222

BUNDLED WITH
   1.14.2
